PATH
  remote: .
  specs:
    hybondnews (1.0.1)
      nokogiri

GEM
  remote: https://rubygems.org/
  specs:
    coderay (1.1.0)
    method_source (0.8.2)
    mini_portile (0.6.0)
    nokogiri (1.6.2.1)
      mini_portile (= 0.6.0)
    pry (0.10.0)
      coderay (~> 1.1.0)
      method_source (~> 0.8.1)
      slop (~> 3.4)
    rake (10.3.2)
    slop (3.5.0)

PLATFORMS
  ruby

DEPENDENCIES
  bundler (~> 1.6)
  hybondnews!
  pry
  rake
